FRAMEWORK: >= NET40
NUGET
  remote: https://nuget.org/api/v2
  specs:
    FAKE (4.7.2)
    FluentAssertions (4.0.1)
    Newtonsoft.Json (6.0.8)
    NUnit (2.6.4)
    NUnit.Runners (2.6.4)
